PATH
  remote: .
  specs:
    skyeel (0.3.0)
      ed25519
      net-ssh

GEM
  remote: https://rubygems.org/
  specs:
    ed25519 (1.3.0)
    net-ssh (7.2.3)

PLATFORMS
  arm64-darwin-23
  ruby

DEPENDENCIES
  skyeel!

BUNDLED WITH
   2.5.11
